PATH
  remote: .
  specs:
    Brewery_CLI (0.1.0)

GEM
  remote: https://rubygems.org/
  specs:
    rake (10.5.0)

PLATFORMS
  ruby

DEPENDENCIES
  Brewery_CLI!
  bundler (~> 1.16)
  rake (~> 10.0)

BUNDLED WITH
   1.16.5
